GEM
  remote: http://rubygems.org/
  specs:
    addressable (2.2.6)
    builder (2.1.2)
    crack (0.1.8)
    heroku (2.18.1)
      launchy (>= 0.3.2)
      rest-client (~> 1.6.1)
      rubyzip
      term-ansicolor (~> 1.0.5)
    httparty (0.7.4)
      crack (= 0.1.8)
    launchy (2.0.5)
      addressable (~> 2.2.6)
    mime-types (1.17.2)
    rack (1.2.2)
    rest-client (1.6.7)
      mime-types (>= 1.16)
    rubyzip (0.9.5)
    sinatra (1.2.1)
      rack (~> 1.1)
      tilt (>= 1.2.2, < 2.0)
    term-ansicolor (1.0.7)
    tilt (1.2.2)

PLATFORMS
  ruby

DEPENDENCIES
  builder
  heroku
  httparty
  sinatra
